PATH
  remote: .
  specs:
    prenus (0.0.8)
      rainbow (~> 1.1.0)

GEM
  remote: http://rubygems.org/
  specs:
    rainbow (1.1.4)

PLATFORMS
  ruby

DEPENDENCIES
  prenus!
